PATH
  remote: .
  specs:
    coffee_table (0.0.2)
      redis
      rufus-scheduler

GEM
  remote: http://rubygems.org/
  specs:
    awesome_print (1.1.0)
    diff-lcs (1.1.3)
    mock_redis (0.3.0)
    redis (2.2.2)
    rspec (2.7.0)
      rspec-core (~> 2.7.0)
      rspec-expectations (~> 2.7.0)
      rspec-mocks (~> 2.7.0)
    rspec-core (2.7.1)
    rspec-expectations (2.7.0)
      diff-lcs (~> 1.1.2)
    rspec-mocks (2.7.0)
    rufus-scheduler (2.0.17)
      tzinfo (>= 0.3.23)
    spork (0.9.2)
    tzinfo (0.3.35)

PLATFORMS
  ruby

DEPENDENCIES
  awesome_print
  coffee_table!
  mock_redis
  redis
  rspec
  rufus-scheduler
  spork
