GIT
  remote: git@github.com:stewartmckee/sourcify.git
  revision: cdef8e0b3b7017312407000985a279d6627c77e5
  specs:
    sourcify (0.6.0.rc3)
      file-tail (~> 1.0.10)
      ruby2ruby (~> 1.3.1)
      ruby_parser (~> 2.3.1)
      sexp_processor (~> 3.2.0)

PATH
  remote: .
  specs:
    coffee_table (0.1.1)
      activesupport
      redis
      rufus-scheduler
      sourcify

GEM
  remote: http://rubygems.org/
  specs:
    activesupport (3.2.14)
      i18n (~> 0.6, >= 0.6.4)
      multi_json (~> 1.0)
    awesome_print (1.1.0)
    colorize (0.5.8)
    coveralls (0.6.7)
      colorize
      multi_json (~> 1.3)
      rest-client
      simplecov (>= 0.7)
      thor
    diff-lcs (1.2.4)
    file-tail (1.0.12)
      tins (~> 0.5)
    i18n (0.6.4)
    mime-types (1.23)
    mock_redis (0.9.0)
    multi_json (1.7.8)
    redis (3.0.4)
    rest-client (1.6.7)
      mime-types (>= 1.16)
    rspec (2.14.1)
      rspec-core (~> 2.14.0)
      rspec-expectations (~> 2.14.0)
      rspec-mocks (~> 2.14.0)
    rspec-core (2.14.4)
    rspec-expectations (2.14.1)
      diff-lcs (>= 1.1.3, < 2.0)
    rspec-mocks (2.14.3)
    ruby2ruby (1.3.1)
      ruby_parser (~> 2.0)
      sexp_processor (~> 3.0)
    ruby_parser (2.3.1)
      sexp_processor (~> 3.0)
    rufus-scheduler (2.0.23)
      tzinfo (>= 0.3.23)
    sexp_processor (3.2.0)
    simplecov (0.7.1)
      multi_json (~> 1.0)
      simplecov-html (~> 0.7.1)
    simplecov-html (0.7.1)
    spork (0.9.2)
    thor (0.18.1)
    tins (0.8.3)
    tzinfo (1.0.1)

PLATFORMS
  ruby

DEPENDENCIES
  activesupport
  awesome_print
  coffee_table!
  coveralls
  mock_redis
  rspec
  rufus-scheduler
  sourcify!
  spork
