PATH
  remote: .
  specs:
    coffee_table (0.0.2)
      activesupport
      redis
      rufus-scheduler

GEM
  remote: http://rubygems.org/
  specs:
    activesupport (3.2.11)
      i18n (~> 0.6)
      multi_json (~> 1.0)
    awesome_print (1.1.0)
    diff-lcs (1.1.3)
    i18n (0.6.1)
    mock_redis (0.6.3)
    multi_json (1.0.4)
    redis (3.0.2)
    rspec (2.12.0)
      rspec-core (~> 2.12.0)
      rspec-expectations (~> 2.12.0)
      rspec-mocks (~> 2.12.0)
    rspec-core (2.12.2)
    rspec-expectations (2.12.1)
      diff-lcs (~> 1.1.3)
    rspec-mocks (2.12.1)
    rufus-scheduler (2.0.17)
      tzinfo (>= 0.3.23)
    spork (0.9.2)
    tzinfo (0.3.35)

PLATFORMS
  ruby

DEPENDENCIES
  activesupport
  awesome_print
  coffee_table!
  mock_redis
  redis
  rspec
  rufus-scheduler
  spork
