PATH
  remote: .
  specs:
    coffee_table (0.2.11)
      activesupport
      gzip
      redis
      redis-namespace
      sourcify

GEM
  remote: http://rubygems.org/
  specs:
    activesupport (5.1.4)
      concurrent-ruby (~> 1.0, >= 1.0.2)
      i18n (~> 0.7)
      minitest (~> 5.1)
      tzinfo (~> 1.1)
    awesome_print (1.1.0)
    colorize (0.5.8)
    concurrent-ruby (1.0.5)
    coveralls (0.6.7)
      colorize
      multi_json (~> 1.3)
      rest-client
      simplecov (>= 0.7)
      thor
    diff-lcs (1.2.4)
    file-tail (1.2.0)
      tins (~> 1.0)
    gzip (1.0)
    i18n (0.9.3)
      concurrent-ruby (~> 1.0)
    mime-types (1.23)
    minitest (5.11.3)
    mock_redis (0.17.0)
    multi_json (1.7.8)
    redis (4.0.1)
    redis-namespace (1.6.0)
      redis (>= 3.0.4)
    rest-client (1.6.7)
      mime-types (>= 1.16)
    rspec (2.14.1)
      rspec-core (~> 2.14.0)
      rspec-expectations (~> 2.14.0)
      rspec-mocks (~> 2.14.0)
    rspec-core (2.14.4)
    rspec-expectations (2.14.1)
      diff-lcs (>= 1.1.3, < 2.0)
    rspec-mocks (2.14.3)
    ruby2ruby (2.4.0)
      ruby_parser (~> 3.1)
      sexp_processor (~> 4.6)
    ruby_parser (3.10.1)
      sexp_processor (~> 4.9)
    sexp_processor (4.10.0)
    simplecov (0.7.1)
      multi_json (~> 1.0)
      simplecov-html (~> 0.7.1)
    simplecov-html (0.7.1)
    sourcify (0.5.0)
      file-tail (>= 1.0.5)
      ruby2ruby (>= 1.2.5)
      ruby_parser (>= 2.0.5)
      sexp_processor (>= 3.0.5)
    spork (0.9.2)
    thor (0.18.1)
    thread_safe (0.3.6)
    tins (1.16.3)
    tzinfo (1.2.4)
      thread_safe (~> 0.1)

PLATFORMS
  ruby

DEPENDENCIES
  awesome_print
  coffee_table!
  coveralls
  mock_redis
  rspec
  spork

BUNDLED WITH
   1.16.1
