GIT
  remote: git@github.com:stewartmckee/sourcify.git
  revision: cdef8e0b3b7017312407000985a279d6627c77e5
  specs:
    sourcify (0.6.0.rc3)
      file-tail (~> 1.0.10)
      ruby2ruby (~> 1.3.1)
      ruby_parser (~> 2.3.1)
      sexp_processor (~> 3.2.0)

PATH
  remote: .
  specs:
    coffee_table (0.1.0)
      activesupport
      redis
      rufus-scheduler
      sourcify

GEM
  remote: http://rubygems.org/
  specs:
    activesupport (3.2.11)
      i18n (~> 0.6)
      multi_json (~> 1.0)
    awesome_print (1.1.0)
    diff-lcs (1.1.3)
    file-tail (1.0.12)
      tins (~> 0.5)
    i18n (0.6.1)
    mock_redis (0.6.3)
    multi_json (1.0.4)
    redis (3.0.2)
    rspec (2.12.0)
      rspec-core (~> 2.12.0)
      rspec-expectations (~> 2.12.0)
      rspec-mocks (~> 2.12.0)
    rspec-core (2.12.2)
    rspec-expectations (2.12.1)
      diff-lcs (~> 1.1.3)
    rspec-mocks (2.12.1)
    ruby2ruby (1.3.1)
      ruby_parser (~> 2.0)
      sexp_processor (~> 3.0)
    ruby_parser (2.3.1)
      sexp_processor (~> 3.0)
    rufus-scheduler (2.0.17)
      tzinfo (>= 0.3.23)
    sexp_processor (3.2.0)
    spork (0.9.2)
    tins (0.7.0)
    tzinfo (0.3.35)

PLATFORMS
  ruby

DEPENDENCIES
  activesupport
  awesome_print
  coffee_table!
  mock_redis
  redis
  rspec
  rufus-scheduler
  sourcify!
  spork
